GEM
  remote: https://rubygems.org/
  specs:
    psych (2.2.4)

PLATFORMS
  ruby

DEPENDENCIES
  psych (= 2.2.4)

BUNDLED WITH
   1.16.6
